GEM
  remote: https://rubygems.org/
  specs:
    bcrypt (3.1.20)
    dotenv (3.1.4)
    mailtrap (2.1.0)

PLATFORMS
  ruby
  x64-mingw-ucrt
  x86_64-linux

DEPENDENCIES
  bcrypt (~> 3.1, >= 3.1.20)
  dotenv (~> 3.1, >= 3.1.4)
  mailtrap (~> 2.1)

BUNDLED WITH
   2.5.18
